GEM
  remote: http://rubygems.org/
  specs:
    curses (1.3.2)
    docopt (0.6.1)
    mustermann (2.0.2)
      ruby2_keywords (~> 0.0.1)
    rack (2.2.4)
    rack-protection (2.2.3)
      rack
    ruby2_keywords (0.0.5)
    sinatra (2.2.3)
      mustermann (~> 2.0)
      rack (~> 2.2)
      rack-protection (= 2.2.3)
      tilt (~> 2.0)
    tilt (2.0.11)

PLATFORMS
  ruby

DEPENDENCIES
  curses (~> 1.3, >= 1.3.2)
  docopt (~> 0.6.1)
  sinatra (~> 2.2)

BUNDLED WITH
   1.16.2
