GEM
  remote: http://rubygems.org/
  specs:
    curses (1.3.2)
    mustermann (1.1.1)
      ruby2_keywords (~> 0.0.1)
    rack (2.2.2)
    rack-protection (2.0.8.1)
      rack
    ruby2_keywords (0.0.2)
    sinatra (2.0.8.1)
      mustermann (~> 1.0)
      rack (~> 2.0)
      rack-protection (= 2.0.8.1)
      tilt (~> 2.0)
    tilt (2.0.10)

PLATFORMS
  ruby

DEPENDENCIES
  curses (~> 1.3, >= 1.3.2)
  sinatra (~> 2.0, >= 2.0.8.1)

BUNDLED WITH
   1.16.2
